PATH
  remote: .
  specs:
    mn-plugin-datastruct (0.1.0)
      asciidoctor (~> 2.0.0)
      liquid

GEM
  remote: https://rubygems.org/
  specs:
    addressable (2.7.0)
      public_suffix (>= 2.0.2, < 5.0)
    asciidoctor (2.0.10)
    ast (2.4.1)
    byebug (11.1.3)
    crack (0.4.4)
    diff-lcs (1.4.4)
    docile (1.3.2)
    hashdiff (1.0.1)
    liquid (4.0.3)
    parallel (1.19.2)
    parser (2.7.1.4)
      ast (~> 2.4.1)
    powerpack (0.1.2)
    public_suffix (4.0.6)
    rainbow (3.0.0)
    rake (12.3.3)
    rspec (3.9.0)
      rspec-core (~> 3.9.0)
      rspec-expectations (~> 3.9.0)
      rspec-mocks (~> 3.9.0)
    rspec-core (3.9.2)
      rspec-support (~> 3.9.3)
    rspec-expectations (3.9.2)
      diff-lcs (>= 1.2.0, < 2.0)
      rspec-support (~> 3.9.0)
    rspec-mocks (3.9.1)
      diff-lcs (>= 1.2.0, < 2.0)
      rspec-support (~> 3.9.0)
    rspec-support (3.9.3)
    rubocop (0.54.0)
      parallel (~> 1.10)
      parser (>= 2.5)
      powerpack (~> 0.1)
      rainbow (>= 2.2.2, < 4.0)
      ruby-progressbar (~> 1.7)
      unicode-display_width (~> 1.0, >= 1.0.1)
    ruby-progressbar (1.10.1)
    simplecov (0.19.0)
      docile (~> 1.1)
      simplecov-html (~> 0.11)
    simplecov-html (0.12.2)
    timecop (0.9.1)
    unicode-display_width (1.7.0)
    vcr (5.0.0)
    webmock (3.9.1)
      addressable (>= 2.3.6)
      crack (>= 0.3.2)
      hashdiff (>= 0.4.0, < 2.0.0)

PLATFORMS
  ruby

DEPENDENCIES
  byebug
  mn-plugin-datastruct!
  rake (~> 12.0)
  rspec (~> 3.6)
  rubocop (= 0.54.0)
  simplecov (~> 0.15)
  timecop (~> 0.9)
  vcr (~> 5.0.0)
  webmock

BUNDLED WITH
   2.0.2
