PATH
  remote: .
  specs:
    mn-plugin-datastruct (0.1.0)
      asciidoctor (~> 2.0.0)
      isodoc
      liquid
      metanorma
      relaton-cli

GEM
  remote: https://rubygems.org/
  specs:
    addressable (2.7.0)
      public_suffix (>= 2.0.2, < 5.0)
    asciidoctor (2.0.10)
    asciimath (2.0.1)
    ast (2.4.1)
    bibtex-ruby (5.1.4)
      latex-decode (~> 0.0)
    byebug (11.1.3)
    cnccs (0.1.6)
    crack (0.4.4)
    diff-lcs (1.4.4)
    docile (1.3.2)
    domain_name (0.5.20190701)
      unf (>= 0.0.5, < 1.0.0)
    equivalent-xml (0.6.0)
      nokogiri (>= 1.4.3)
    faraday (1.0.1)
      multipart-post (>= 1.2, < 3)
    gb-agencies (0.0.7)
    hashdiff (1.0.1)
    html2doc (1.0.6)
      asciimath (~> 2.0.0)
      htmlentities (~> 4.3.4)
      image_size
      mime-types
      nokogiri (>= 1.10.4)
      plane1converter (~> 0.0.1)
      thread_safe
      uuidtools
    htmlentities (4.3.4)
    http-cookie (1.0.3)
      domain_name (~> 0.5)
    image_size (2.1.0)
    iso639 (1.3.2)
    isodoc (1.2.5)
      asciimath
      html2doc (~> 1.0.0)
      htmlentities (~> 4.3.4)
      liquid
      metanorma (~> 1.1.0)
      nokogiri (>= 1.10.4)
      roman-numerals
      thread_safe
      uuidtools
    isoics (0.1.9)
    latex-decode (0.3.1)
    liquid (4.0.3)
    metanorma (1.1.6)
      asciidoctor
      htmlentities
      mn2pdf (~> 1)
      nokogiri
    mime-types (3.3.1)
      mime-types-data (~> 3.2015)
    mime-types-data (3.2020.0512)
    mini_portile2 (2.4.0)
    mn2pdf (1.22)
    multipart-post (2.1.1)
    nokogiri (1.10.10)
      mini_portile2 (~> 2.4.0)
    parallel (1.19.2)
    parser (2.7.1.4)
      ast (~> 2.4.1)
    plane1converter (0.0.1)
    powerpack (0.1.2)
    public_suffix (4.0.6)
    rainbow (3.0.0)
    rake (12.3.3)
    relaton (1.4.1)
      relaton-bipm (~> 1.4.0)
      relaton-calconnect (~> 1.4.0)
      relaton-gb (~> 1.4.0)
      relaton-iec (~> 1.4.0)
      relaton-ieee (~> 1.4.0)
      relaton-ietf (~> 1.4.0)
      relaton-iho (~> 1.4.0)
      relaton-iso (~> 1.4.0)
      relaton-itu (~> 1.4.0)
      relaton-nist (~> 1.4.0)
      relaton-ogc (~> 1.4.0)
      relaton-omg (~> 1.4.0)
      relaton-un (~> 1.4.0)
      relaton-w3c (~> 1.4.0)
    relaton-bib (1.4.1)
      addressable
      bibtex-ruby
      iso639
      nokogiri
    relaton-bipm (1.4.0)
      relaton-bib (>= 1.4.1)
    relaton-calconnect (1.4.0)
      faraday
      relaton-bib (~> 1.4.0)
    relaton-cli (1.4.0)
      liquid
      relaton (~> 1.4.0)
      thor
    relaton-gb (1.4.0)
      cnccs (~> 0.1.1)
      gb-agencies (~> 0.0.1)
      relaton-iso-bib (>= 1.4.0)
    relaton-iec (1.4.0)
      addressable
      relaton-iso-bib (~> 1.4.0)
    relaton-ieee (1.4.0)
      faraday (~> 1.0.0)
      relaton-bib (~> 1.4.0)
    relaton-ietf (1.4.0)
      relaton-bib (~> 1.4.0)
    relaton-iho (1.4.0)
      relaton-bib (~> 1.4.0)
    relaton-iso (1.4.0)
      relaton-iec (~> 1.4.0)
      relaton-iso-bib (~> 1.4.0)
    relaton-iso-bib (1.4.0)
      isoics (~> 0.1.6)
      relaton-bib (~> 1.4.0)
    relaton-itu (1.4.0)
      relaton-bib (~> 1.4.0)
    relaton-nist (1.4.0)
      relaton-bib (~> 1.4.0)
      rubyzip
    relaton-ogc (1.4.0)
      faraday (~> 1.0.0)
      relaton-iso-bib (~> 1.4.0)
    relaton-omg (1.4.0)
      relaton-bib (~> 1.4.0)
    relaton-un (1.4.0)
      faraday
      http-cookie
      relaton-bib (~> 1.4.0)
      unf_ext (>= 0.0.7.7)
    relaton-w3c (1.4.0)
      relaton-bib (>= 1.4.0)
    roman-numerals (0.3.0)
    rspec (3.9.0)
      rspec-core (~> 3.9.0)
      rspec-expectations (~> 3.9.0)
      rspec-mocks (~> 3.9.0)
    rspec-core (3.9.2)
      rspec-support (~> 3.9.3)
    rspec-expectations (3.9.2)
      diff-lcs (>= 1.2.0, < 2.0)
      rspec-support (~> 3.9.0)
    rspec-mocks (3.9.1)
      diff-lcs (>= 1.2.0, < 2.0)
      rspec-support (~> 3.9.0)
    rspec-support (3.9.3)
    rubocop (0.54.0)
      parallel (~> 1.10)
      parser (>= 2.5)
      powerpack (~> 0.1)
      rainbow (>= 2.2.2, < 4.0)
      ruby-progressbar (~> 1.7)
      unicode-display_width (~> 1.0, >= 1.0.1)
    ruby-progressbar (1.10.1)
    rubyzip (2.3.0)
    simplecov (0.19.0)
      docile (~> 1.1)
      simplecov-html (~> 0.11)
    simplecov-html (0.12.2)
    thor (1.0.1)
    thread_safe (0.3.6)
    timecop (0.9.1)
    unf (0.1.4)
      unf_ext
    unf_ext (0.0.7.7)
    unicode-display_width (1.7.0)
    uuidtools (2.2.0)
    vcr (5.0.0)
    webmock (3.9.1)
      addressable (>= 2.3.6)
      crack (>= 0.3.2)
      hashdiff (>= 0.4.0, < 2.0.0)

PLATFORMS
  ruby

DEPENDENCIES
  byebug
  equivalent-xml
  mn-plugin-datastruct!
  rake (~> 12.0)
  rspec (~> 3.6)
  rubocop (= 0.54.0)
  simplecov (~> 0.15)
  timecop (~> 0.9)
  vcr (~> 5.0.0)
  webmock

BUNDLED WITH
   2.0.2
